GEM
  remote: http://rubygems.org/
  specs:
    CFPropertyList (2.2.8)
    coveralls (0.7.0)
      multi_json (~> 1.3)
      rest-client
      simplecov (>= 0.7)
      term-ansicolor
      thor
    diff-lcs (1.2.5)
    docile (1.1.5)
    facter (2.1.0)
      CFPropertyList (~> 2.2.6)
    hiera (1.3.4)
      json_pure
    json_pure (1.8.1)
    metaclass (0.0.4)
    mime-types (2.3)
    mocha (1.1.0)
      metaclass (~> 0.0.1)
    multi_json (1.10.1)
    netrc (0.7.7)
    puppet (3.6.2)
      facter (> 1.6, < 3)
      hiera (~> 1.0)
      json_pure
      rgen (~> 0.6.5)
    puppet-lint (0.3.2)
    puppet-syntax (1.2.0)
      puppet (>= 2.7.0)
      rake
    puppetlabs_spec_helper (0.7.0)
      mocha
      puppet-lint
      rake
      rspec
      rspec-puppet
    rake (10.3.2)
    rest-client (1.7.2)
      mime-types (>= 1.16, < 3.0)
      netrc (~> 0.7)
    rgen (0.6.6)
    rspec (2.14.1)
      rspec-core (~> 2.14.0)
      rspec-expectations (~> 2.14.0)
      rspec-mocks (~> 2.14.0)
    rspec-core (2.14.8)
    rspec-expectations (2.14.5)
      diff-lcs (>= 1.1.3, < 2.0)
    rspec-mocks (2.14.6)
    rspec-puppet (1.0.1)
      rspec
    simplecov (0.9.0)
      docile (~> 1.1.0)
      multi_json
      simplecov-html (~> 0.8.0)
    simplecov-html (0.8.0)
    term-ansicolor (1.3.0)
      tins (~> 1.0)
    thor (0.19.1)
    tins (1.3.0)

PLATFORMS
  ruby

DEPENDENCIES
  coveralls
  puppet (~> 3.6.2)
  puppet-lint (~> 0.3.0)
  puppet-syntax (~> 1.2.0)
  puppetlabs_spec_helper (~> 0.7.0)
  rake (~> 10.3.1)
  rspec (~> 2.14.1)
  rspec-puppet (~> 1.0.1)
